GEM
  remote: https://rubygems.org/
  specs:
    activesupport (5.0.1)
      concurrent-ruby (~> 1.0, >= 1.0.2)
      i18n (~> 0.7)
      minitest (~> 5.1)
      tzinfo (~> 1.1)
    charmkit (0.5.1)
      activesupport
      thor
      tty-command
    concurrent-ruby (1.0.3)
    diff-lcs (1.2.5)
    equatable (0.5.0)
    i18n (0.7.0)
    minitest (5.10.1)
    pastel (0.6.1)
      equatable (~> 0.5.0)
      tty-color (~> 0.3.0)
    rake (12.0.0)
    rspec (3.5.0)
      rspec-core (~> 3.5.0)
      rspec-expectations (~> 3.5.0)
      rspec-mocks (~> 3.5.0)
    rspec-core (3.5.4)
      rspec-support (~> 3.5.0)
    rspec-expectations (3.5.0)
      diff-lcs (>= 1.2.0, < 2.0)
      rspec-support (~> 3.5.0)
    rspec-mocks (3.5.0)
      diff-lcs (>= 1.2.0, < 2.0)
      rspec-support (~> 3.5.0)
    rspec-support (3.5.0)
    thor (0.19.4)
    thread_safe (0.3.5)
    tty-color (0.3.0)
    tty-command (0.2.0)
      pastel (~> 0.6.0)
    tzinfo (1.2.2)
      thread_safe (~> 0.1)

PLATFORMS
  ruby

DEPENDENCIES
  charmkit (= 0.5.1)
  rake
  rspec

BUNDLED WITH
   1.13.6
